PATH
  remote: .
  specs:
    dnsresolver (0.0.1)
      celluloid-io (>= 0.12.0)
      dnsruby (~> 1.53)

GEM
  remote: https://rubygems.org/
  specs:
    celluloid (0.12.0)
      timers (>= 1.0.0)
    celluloid-io (0.12.1)
      celluloid (~> 0.12.0)
      nio4r (>= 0.4.0)
    diff-lcs (1.1.3)
    dnsruby (1.53)
    nio4r (0.4.0)
    rspec (2.11.0)
      rspec-core (~> 2.11.0)
      rspec-expectations (~> 2.11.0)
      rspec-mocks (~> 2.11.0)
    rspec-core (2.11.1)
    rspec-expectations (2.11.3)
      diff-lcs (~> 1.1.3)
    rspec-mocks (2.11.3)
    ruby-prof (0.11.2)
    timers (1.0.1)

PLATFORMS
  ruby

DEPENDENCIES
  dnsresolver!
  rspec (>= 2.11.0)
  ruby-prof
