PATH
  remote: .
  specs:
    dnsresolver (0.0.1)
      activesupport (>= 3.0.0)
      celluloid-io (>= 0.12.0)
      dnsruby (~> 1.53)
      uuid (~> 2.3.5)

GEM
  remote: https://rubygems.org/
  specs:
    activesupport (3.2.8)
      i18n (~> 0.6)
      multi_json (~> 1.0)
    celluloid (0.12.0)
      timers (>= 1.0.0)
    celluloid-io (0.12.1)
      celluloid (~> 0.12.0)
      nio4r (>= 0.4.0)
    diff-lcs (1.1.3)
    dnsruby (1.53)
    i18n (0.6.1)
    macaddr (1.6.1)
      systemu (~> 2.5.0)
    multi_json (1.3.6)
    nio4r (0.4.0)
    rspec (2.11.0)
      rspec-core (~> 2.11.0)
      rspec-expectations (~> 2.11.0)
      rspec-mocks (~> 2.11.0)
    rspec-core (2.11.1)
    rspec-expectations (2.11.3)
      diff-lcs (~> 1.1.3)
    rspec-mocks (2.11.3)
    ruby-prof (0.11.2)
    systemu (2.5.2)
    timers (1.0.1)
    uuid (2.3.5)
      macaddr (~> 1.0)

PLATFORMS
  ruby

DEPENDENCIES
  dnsresolver!
  rspec (>= 2.11.0)
  ruby-prof
