PATH
  remote: .
  specs:
    dnsresolver (0.0.92)
      activesupport (>= 3.0.0)
      awesome_print (~> 1.1.0)
      dante (~> 0.1.5)
      em-resolv-replace (= 1.1.3)
      em-synchrony (~> 1.0.3)
      hashie (~> 2.0.2)
      uuid (~> 2.3.5)

GEM
  remote: https://rubygems.org/
  specs:
    activesupport (3.2.12)
      i18n (~> 0.6)
      multi_json (~> 1.0)
    awesome_print (1.1.0)
    coderay (1.0.8)
    dante (0.1.5)
    diff-lcs (1.1.3)
    em-resolv-replace (1.1.3)
    em-synchrony (1.0.3)
      eventmachine (>= 1.0.0.beta.1)
    eventmachine (1.0.1)
    ffaker (1.15.0)
    guard (1.6.2)
      listen (>= 0.6.0)
      lumberjack (>= 1.0.2)
      pry (>= 0.9.10)
      terminal-table (>= 1.4.3)
      thor (>= 0.14.6)
    guard-rspec (2.5.0)
      guard (>= 1.1)
      rspec (~> 2.11)
    hashie (2.0.2)
    i18n (0.6.4)
    listen (0.7.3)
    lumberjack (1.0.2)
    macaddr (1.6.1)
      systemu (~> 2.5.0)
    method_source (0.8.1)
    multi_json (1.6.1)
    pry (0.9.10)
      coderay (~> 1.0.5)
      method_source (~> 0.8)
      slop (~> 3.3.1)
    rake (0.9.2.2)
    rb-fsevent (0.9.3)
    rspec (2.11.0)
      rspec-core (~> 2.11.0)
      rspec-expectations (~> 2.11.0)
      rspec-mocks (~> 2.11.0)
    rspec-core (2.11.1)
    rspec-expectations (2.11.3)
      diff-lcs (~> 1.1.3)
    rspec-mocks (2.11.3)
    ruby-prof (0.11.2)
    simplecov (0.7.1)
      multi_json (~> 1.0)
      simplecov-html (~> 0.7.1)
    simplecov-html (0.7.1)
    slop (3.3.3)
    systemu (2.5.2)
    terminal-table (1.4.5)
    thor (0.17.0)
    uuid (2.3.7)
      macaddr (~> 1.0)

PLATFORMS
  ruby

DEPENDENCIES
  dnsresolver!
  ffaker (>= 1.15.0)
  guard-rspec (~> 2.5.0)
  pry
  rake
  rb-fsevent (~> 0.9.3)
  rspec (>= 2.11.0)
  ruby-prof
  simplecov (~> 0.7.1)
