PATH
  remote: .
  specs:
    dnsresolver (0.0.9)
      activesupport (>= 3.0.0)
      em-resolv-replace (= 1.1.3)
      eventmachine (~> 1.0.0)
      hashie (~> 1.2.0)
      uuid (~> 2.3.5)

GEM
  remote: https://rubygems.org/
  specs:
    activesupport (3.2.11)
      i18n (~> 0.6)
      multi_json (~> 1.0)
    coderay (1.0.8)
    diff-lcs (1.1.3)
    em-resolv-replace (1.1.3)
    eventmachine (1.0.0)
    hashie (1.2.0)
    i18n (0.6.1)
    macaddr (1.6.1)
      systemu (~> 2.5.0)
    method_source (0.8.1)
    multi_json (1.5.0)
    pry (0.9.10)
      coderay (~> 1.0.5)
      method_source (~> 0.8)
      slop (~> 3.3.1)
    rake (0.9.2.2)
    rspec (2.11.0)
      rspec-core (~> 2.11.0)
      rspec-expectations (~> 2.11.0)
      rspec-mocks (~> 2.11.0)
    rspec-core (2.11.1)
    rspec-expectations (2.11.3)
      diff-lcs (~> 1.1.3)
    rspec-mocks (2.11.3)
    ruby-prof (0.11.2)
    slop (3.3.3)
    systemu (2.5.2)
    uuid (2.3.6)
      macaddr (~> 1.0)

PLATFORMS
  ruby

DEPENDENCIES
  dnsresolver!
  pry
  rake
  rspec (>= 2.11.0)
  ruby-prof
